STORAGE: NONE
STRATEGY: MAX
RESTRICTION: || (== net6.0) (== netstandard2.0)
NUGET
  remote: https://api.nuget.org/v3/index.json
    Fable.AST (4.2.1)
    Fable.Browser.Blob (1.2)
      Fable.Core (>= 3.0)
      FSharp.Core (>= 4.7.2)
    Fable.Browser.Dom (2.10.1)
      Fable.Browser.Blob (>= 1.2)
      Fable.Browser.Event (>= 1.5)
      Fable.Browser.WebStorage (>= 1.1)
      Fable.Core (>= 3.2.8)
      FSharp.Core (>= 4.7.2)
    Fable.Browser.Event (1.5)
      Fable.Browser.Gamepad (>= 1.1)
      Fable.Core (>= 3.0)
      FSharp.Core (>= 4.7.2)
    Fable.Browser.Gamepad (1.1)
      Fable.Core (>= 3.0)
      FSharp.Core (>= 4.7.2)
    Fable.Browser.WebStorage (1.1)
      Fable.Browser.Event (>= 1.5)
      Fable.Core (>= 3.0)
      FSharp.Core (>= 4.7.2)
    Fable.Core (3.7.1)
    Fable.React.Types (18.1)
      Fable.Browser.Dom (>= 2.4.4)
      Fable.Core (>= 3.2.7)
      FSharp.Core (>= 4.7.2)
    Feliz (2.0.0-prerelease-003)
      Fable.Core (>= 3.2.7)
      Fable.React.Types (>= 18.0)
      Feliz.CompilerPlugins (>= 2.0.0-prerelease-003)
      FSharp.Core (>= 4.7.2)
    Feliz.CompilerPlugins (2.0.0-prerelease-003)
      Fable.AST (>= 4.0)
      FSharp.Core (>= 4.7.2)
    FSharp.Core (7.0)

GROUP Build
STORAGE: NONE
STRATEGY: MAX
NUGET
  remote: https://api.nuget.org/v3/index.json
    BlackFox.Fake.BuildTask (0.1.3)
      Fake.Core.Target (>= 5.1) - restriction: || (>= net46) (>= netstandard2.0)
      FSharp.Core (>= 4.3.4) - restriction: || (>= net46) (>= netstandard2.0)
    FAKE (5.16)
    Fake.Core.CommandLineParsing (5.23.1) - restriction: >= netstandard2.0
      FParsec (>= 1.1.1) - restriction: >= netstandard2.0
      FSharp.Core (>= 6.0) - restriction: >= netstandard2.0
    Fake.Core.Context (5.23.1) - restriction: >= netstandard2.0
      FSharp.Core (>= 6.0) - restriction: >= netstandard2.0
    Fake.Core.Environment (5.23.1) - restriction: >= netstandard2.0
      FSharp.Core (>= 6.0) - restriction: >= netstandard2.0
    Fake.Core.FakeVar (5.23.1) - restriction: >= netstandard2.0
      Fake.Core.Context (>= 5.23.1) - restriction: >= netstandard2.0
      FSharp.Core (>= 6.0) - restriction: >= netstandard2.0
    Fake.Core.Process (5.23.1) - restriction: >= netstandard2.0
      Fake.Core.Environment (>= 5.23.1) - restriction: >= netstandard2.0
      Fake.Core.FakeVar (>= 5.23.1) - restriction: >= netstandard2.0
      Fake.Core.String (>= 5.23.1) - restriction: >= netstandard2.0
      Fake.Core.Trace (>= 5.23.1) - restriction: >= netstandard2.0
      Fake.IO.FileSystem (>= 5.23.1) - restriction: >= netstandard2.0
      FSharp.Core (>= 6.0) - restriction: >= netstandard2.0
      System.Collections.Immutable (>= 5.0) - restriction: >= netstandard2.0
    Fake.Core.String (5.23.1) - restriction: >= netstandard2.0
      FSharp.Core (>= 6.0) - restriction: >= netstandard2.0
    Fake.Core.Target (5.23.1) - restriction: || (>= net46) (>= netstandard2.0)
      Fake.Core.CommandLineParsing (>= 5.23.1) - restriction: >= netstandard2.0
      Fake.Core.Context (>= 5.23.1) - restriction: >= netstandard2.0
      Fake.Core.Environment (>= 5.23.1) - restriction: >= netstandard2.0
      Fake.Core.FakeVar (>= 5.23.1) - restriction: >= netstandard2.0
      Fake.Core.Process (>= 5.23.1) - restriction: >= netstandard2.0
      Fake.Core.String (>= 5.23.1) - restriction: >= netstandard2.0
      Fake.Core.Trace (>= 5.23.1) - restriction: >= netstandard2.0
      FSharp.Control.Reactive (>= 5.0.2) - restriction: >= netstandard2.0
      FSharp.Core (>= 6.0) - restriction: >= netstandard2.0
    Fake.Core.Trace (5.23.1) - restriction: >= netstandard2.0
      Fake.Core.Environment (>= 5.23.1) - restriction: >= netstandard2.0
      Fake.Core.FakeVar (>= 5.23.1) - restriction: >= netstandard2.0
      FSharp.Core (>= 6.0) - restriction: >= netstandard2.0
    Fake.IO.FileSystem (5.23.1) - restriction: >= netstandard2.0
      Fake.Core.String (>= 5.23.1) - restriction: >= netstandard2.0
      FSharp.Core (>= 6.0) - restriction: >= netstandard2.0
    FParsec (1.1.1) - restriction: >= netstandard2.0
      FSharp.Core (>= 4.3.4) - restriction: || (>= net45) (>= netstandard2.0)
      System.ValueTuple (>= 4.4) - restriction: >= net45
    FSharp.Control.Reactive (5.0.5) - restriction: >= netstandard2.0
      FSharp.Core (>= 4.7.2) - restriction: >= netstandard2.0
      System.Reactive (>= 5.0 < 6.0) - restriction: >= netstandard2.0
    FSharp.Core (7.0)
    Microsoft.NETCore.Platforms (7.0) - restriction: || (&& (< monoandroid) (< net45) (< netcoreapp3.1) (>= netstandard2.0) (< win8) (< wpa81) (< xamarinios) (< xamarinmac) (< xamarintvos) (< xamarinwatchos)) (&& (< monoandroid) (< net45) (< netstandard1.2) (>= netstandard2.0) (< win8)) (&& (< monoandroid) (< net45) (< netstandard1.3) (>= netstandard2.0) (< win8) (< wpa81)) (&& (< monoandroid) (< net45) (< netstandard1.5) (>= netstandard2.0) (< win8) (< wpa81))
    Microsoft.NETCore.Targets (5.0) - restriction: || (&& (< monoandroid) (< net45) (< netcoreapp3.1) (>= netstandard2.0) (< win8) (< wpa81) (< xamarinios) (< xamarinmac) (< xamarintvos) (< xamarinwatchos)) (&& (< monoandroid) (< net45) (< netstandard1.2) (>= netstandard2.0) (< win8)) (&& (< monoandroid) (< net45) (< netstandard1.3) (>= netstandard2.0) (< win8) (< wpa81)) (&& (< monoandroid) (< net45) (< netstandard1.5) (>= netstandard2.0) (< win8) (< wpa81))
    System.Buffers (4.5.1) - restriction: || (&& (>= monoandroid) (< netstandard1.1) (>= netstandard2.0)) (&& (< monoandroid) (< netstandard1.1) (>= netstandard2.0) (< win8)) (&& (>= monotouch) (>= netstandard2.0)) (&& (< net45) (< netcoreapp2.0) (>= netstandard2.0)) (&& (>= net461) (>= netstandard2.0)) (&& (>= net462) (>= netstandard2.0)) (&& (>= net462) (>= xamarinios)) (&& (>= net462) (>= xamarinmac)) (&& (< net6.0) (>= netstandard2.0) (>= xamarintvos)) (&& (< net6.0) (>= netstandard2.0) (>= xamarinwatchos)) (&& (< net6.0) (>= xamarinios)) (&& (< net6.0) (>= xamarinmac)) (&& (< netstandard1.1) (>= netstandard2.0) (>= win8))
    System.Collections.Immutable (7.0) - restriction: >= netstandard2.0
      System.Memory (>= 4.5.5) - restriction: || (>= net462) (&& (< net6.0) (>= netstandard2.0))
      System.Runtime.CompilerServices.Unsafe (>= 6.0) - restriction: || (>= net462) (&& (>= net6.0) (< net7.0)) (&& (< net6.0) (>= netstandard2.0))
    System.Memory (4.5.5) - restriction: || (&& (>= net462) (>= netstandard2.0)) (&& (< net6.0) (>= netstandard2.0))
      System.Buffers (>= 4.5.1) - restriction: || (&& (>= monoandroid) (< netstandard1.1)) (&& (< monoandroid) (< net45) (>= netstandard1.1) (< netstandard2.0) (< win8) (< wpa81)) (&& (< monoandroid) (< netstandard1.1) (>= portable-net45+win8+wpa81) (< win8)) (>= monotouch) (&& (>= net45) (< netstandard2.0)) (&& (< net45) (< netcoreapp2.0) (>= netstandard2.0)) (>= net461) (&& (< netstandard1.1) (>= win8)) (&& (< netstandard2.0) (< uap10.1) (>= wpa81)) (>= xamarinios) (>= xamarinmac) (>= xamarintvos) (>= xamarinwatchos)
      System.Numerics.Vectors (>= 4.4) - restriction: && (< net45) (< netcoreapp2.0) (>= netstandard2.0) (< xamarinios) (< xamarinmac) (< xamarintvos) (< xamarinwatchos)
      System.Numerics.Vectors (>= 4.5) - restriction: >= net461
      System.Runtime.CompilerServices.Unsafe (>= 4.5.3) - restriction: || (&& (>= monoandroid) (< netstandard1.1)) (&& (< monoandroid) (< net45) (>= netstandard1.1) (< netstandard2.0) (< win8) (< wpa81)) (&& (< monoandroid) (>= netcoreapp2.0) (< netcoreapp2.1)) (&& (< monoandroid) (< netstandard1.1) (>= portable-net45+win8+wpa81) (< win8)) (>= monotouch) (&& (>= net45) (< netstandard2.0)) (&& (< net45) (< netcoreapp2.0) (>= netstandard2.0)) (>= net461) (&& (< netstandard1.1) (>= win8)) (&& (< netstandard2.0) (>= wpa81)) (>= uap10.1) (>= xamarinios) (>= xamarinmac) (>= xamarintvos) (>= xamarinwatchos)
    System.Numerics.Vectors (4.5) - restriction: || (&& (< net45) (< netcoreapp2.0) (>= netstandard2.0) (< xamarinios) (< xamarinmac) (< xamarintvos) (< xamarinwatchos)) (&& (>= net461) (>= netstandard2.0)) (&& (>= net462) (>= netstandard2.0))
    System.Reactive (5.0) - restriction: >= netstandard2.0
      System.Runtime.InteropServices.WindowsRuntime (>= 4.3) - restriction: && (< net472) (< netcoreapp3.1) (>= netstandard2.0)
      System.Threading.Tasks.Extensions (>= 4.5.4) - restriction: || (>= net472) (&& (< netcoreapp3.1) (>= netstandard2.0)) (>= uap10.1)
    System.Runtime (4.3.1) - restriction: && (< monoandroid) (< net45) (< netcoreapp3.1) (>= netstandard2.0) (< win8) (< wpa81) (< xamarinios) (< xamarinmac) (< xamarintvos) (< xamarinwatchos)
      Microsoft.NETCore.Platforms (>= 1.1.1) - restriction: || (&& (< monoandroid) (< net45) (>= netstandard1.0) (< netstandard1.2) (< win8) (< wp8)) (&& (< monoandroid) (< net45) (>= netstandard1.2) (< netstandard1.3) (< win8) (< wpa81)) (&& (< monoandroid) (< net45) (>= netstandard1.3) (< netstandard1.5) (< win8) (< wpa81)) (&& (< monotouch) (< net45) (>= netstandard1.5) (< win8) (< wpa81) (< xamarinios) (< xamarinmac) (< xamarintvos) (< xamarinwatchos))
      Microsoft.NETCore.Targets (>= 1.1.3) - restriction: || (&& (< monoandroid) (< net45) (>= netstandard1.0) (< netstandard1.2) (< win8) (< wp8)) (&& (< monoandroid) (< net45) (>= netstandard1.2) (< netstandard1.3) (< win8) (< wpa81)) (&& (< monoandroid) (< net45) (>= netstandard1.3) (< netstandard1.5) (< win8) (< wpa81)) (&& (< monotouch) (< net45) (>= netstandard1.5) (< win8) (< wpa81) (< xamarinios) (< xamarinmac) (< xamarintvos) (< xamarinwatchos))
    System.Runtime.CompilerServices.Unsafe (6.0) - restriction: || (&& (>= monoandroid) (< netstandard1.1) (>= netstandard2.0)) (&& (< monoandroid) (>= netcoreapp2.0) (< netcoreapp2.1)) (&& (< monoandroid) (< netstandard1.0) (>= netstandard2.0) (< win8)) (&& (< monoandroid) (< netstandard1.1) (>= netstandard2.0) (< win8)) (&& (>= monotouch) (>= netstandard2.0)) (&& (< net45) (< netcoreapp2.0) (>= netstandard2.0)) (&& (< net45) (< netcoreapp2.1) (>= netstandard2.0) (< xamarinios) (< xamarinmac) (< xamarintvos) (< xamarinwatchos)) (&& (>= net461) (>= netstandard2.0)) (&& (>= net462) (>= netcoreapp2.0)) (&& (>= net462) (>= netstandard2.0)) (&& (>= net462) (>= xamarinios)) (&& (>= net462) (>= xamarinmac)) (>= net472) (&& (>= net6.0) (< net7.0)) (&& (< net6.0) (>= netstandard2.0)) (&& (< net6.0) (>= xamarinios)) (&& (< net6.0) (>= xamarinmac)) (&& (< netstandard1.0) (>= netstandard2.0) (>= win8)) (&& (< netstandard1.1) (>= netstandard2.0) (>= win8)) (&& (>= netstandard2.0) (>= uap10.1)) (&& (>= netstandard2.0) (>= wp8))
    System.Runtime.InteropServices.WindowsRuntime (4.3) - restriction: && (< net472) (< netcoreapp3.1) (>= netstandard2.0)
      System.Runtime (>= 4.3) - restriction: && (< monoandroid) (< monotouch) (< net45) (>= netstandard1.0) (< win8) (< wp8) (< wpa81) (< xamarinios) (< xamarinmac) (< xamarintvos) (< xamarinwatchos)
    System.Threading.Tasks.Extensions (4.5.4) - restriction: || (>= net472) (&& (< netcoreapp3.1) (>= netstandard2.0)) (&& (>= netstandard2.0) (>= uap10.1))
      System.Runtime.CompilerServices.Unsafe (>= 4.5.3) - restriction: || (&& (< monoandroid) (< monotouch) (< net45) (>= netstandard1.0) (< netstandard2.0) (< win8) (< wpa81) (< xamarintvos) (< xamarinwatchos)) (&& (< monoandroid) (< netstandard1.0) (>= portable-net45+win8+wp8+wpa81) (< win8)) (&& (>= net45) (< netstandard2.0)) (&& (< net45) (< netcoreapp2.1) (>= netstandard2.0) (< xamarinios) (< xamarinmac) (< xamarintvos) (< xamarinwatchos)) (>= net461) (&& (< netstandard1.0) (>= win8)) (&& (< netstandard2.0) (>= wpa81)) (>= wp8)
    System.ValueTuple (4.5) - restriction: && (>= net45) (>= netstandard2.0)

GROUP Tools
STRATEGY: MAX
NUGET
  remote: https://api.nuget.org/v3/index.json
    fantomas-tool (4.7.9) - clitool: true
    Femto (0.16) - clitool: true
